NUGET
  remote: https://api.nuget.org/v3/index.json
    FAKE (4.64.4)
    JetBrains.Annotations (11.1) - restriction: >= net45
    Microsoft.CodeAnalysis.Analyzers (1.1) - restriction: >= portable-net45+win8
    Microsoft.CodeAnalysis.Common (1.0.1) - restriction: >= portable-net45+win8
      Microsoft.CodeAnalysis.Analyzers (>= 1.0)
      System.Collections.Immutable (>= 1.1.36)
      System.Reflection.Metadata (>= 1.0.21)
    Microsoft.CodeAnalysis.CSharp (1.0.1) - restriction: >= portable-net45+win8
      Microsoft.CodeAnalysis.Common (>= 1.0.1)
    Microsoft.CodeAnalysis.CSharp.Workspaces (1.0.1) - restriction: >= portable-net45+win8
      Microsoft.CodeAnalysis.CSharp (>= 1.0.1)
      Microsoft.CodeAnalysis.Workspaces.Common (>= 1.0.1)
    Microsoft.CodeAnalysis.Workspaces.Common (1.0.1) - restriction: >= portable-net45+win8
      Microsoft.CodeAnalysis.Common (>= 1.0.1)
      Microsoft.Composition (>= 1.0.27)
    Microsoft.Composition (1.0.27) - restriction: >= portable-net45+win8
    Newtonsoft.Json (6.0.8) - restriction: >= net45
    Shouldly (2.8.3) - restriction: >= net45
    System.Collections.Immutable (1.1.36) - restriction: >= portable-net45+win8
    System.Reflection.Metadata (1.0.21) - restriction: >= portable-net45+win8
      System.Collections.Immutable (>= 1.1.36)
    xunit (2.1) - restriction: >= net45
      xunit.assert (2.1)
      xunit.core (2.1)
    xunit.abstractions (2.0) - restriction: >= net45
    xunit.assert (2.1) - restriction: >= net45
    xunit.core (2.1) - restriction: >= net45
      xunit.extensibility.core (2.1) - restriction: || (>= dnx451) (>= dnxcore50) (>= portable-net45+win8+wp8+wpa81)
      xunit.extensibility.execution (2.1) - restriction: || (>= dnx451) (>= dnxcore50) (>= portable-net45+win8+wp8+wpa81)
    xunit.extensibility.core (2.1) - restriction: >= net45
      xunit.abstractions (2.0)
    xunit.extensibility.execution (2.1) - restriction: >= net45
      xunit.extensibility.core (2.1) - restriction: || (>= dnx451) (>= dnxcore50) (>= monoandroid) (>= monotouch) (>= net45) (>= win8) (>= wp8) (>= wpa81) (>= xamarinios)
    xunit.runner.console (2.1) - restriction: >= net45
    xunit.runner.visualstudio (2.1.0) - version_in_path: true
